GEM
  remote: http://rubygems.org/
  specs:
    coffee-script (2.2.0)
      coffee-script-source
      execjs
    coffee-script-source (1.1.3)
    execjs (1.2.12)
      multi_json (~> 1.0)
    guard (0.8.8)
      thor (~> 0.14.6)
    guard-coffeescript (0.5.2)
      coffee-script (>= 2.2.0)
      guard (>= 0.8.3)
    multi_json (1.0.4)
    thor (0.14.6)

PLATFORMS
  ruby

DEPENDENCIES
  guard-coffeescript
